GEM
  remote: https://rubygems.org/
  specs:
    cgi (0.4.1)
    erb (4.0.4)
      cgi (>= 0.3.3)
    kramdown (2.5.1)
      rexml (>= 3.3.9)
    rexml (3.3.9)

PLATFORMS
  arm64-darwin-23
  ruby

DEPENDENCIES
  erb
  kramdown

BUNDLED WITH
   2.5.23
